GEM
  remote: http://rubygems.org/
  specs:
    commonjs (0.2.6)
    graphite_graph (0.0.8)
    json (1.7.7)
    less (2.2.1)
      commonjs (~> 0.2.6)
    libv8 (3.3.10.4)
    rack (1.4.1)
    rack-protection (1.2.0)
      rack
    redcarpet (2.1.1)
    sinatra (1.3.3)
      rack (~> 1.3, >= 1.3.6)
      rack-protection (~> 1.2)
      tilt (~> 1.3, >= 1.3.3)
    therubyracer (0.10.1)
      libv8 (~> 3.3.10)
    tilt (1.3.3)

PLATFORMS
  ruby

DEPENDENCIES
  graphite_graph (~> 0.0.8)
  json
  less
  redcarpet
  sinatra
  therubyracer
