GEM
  remote: http://rubygems.org/
  specs:
    commonjs (0.2.6)
    graphite_graph (0.0.7)
    kgio (2.8.0)
    less (2.2.1)
      commonjs (~> 0.2.6)
    libv8 (3.3.10.4)
    rack (1.4.1)
    rack-protection (1.2.0)
      rack
    raindrops (0.10.0)
    redcarpet (2.1.1)
    sinatra (1.3.3)
      rack (~> 1.3, >= 1.3.6)
      rack-protection (~> 1.2)
      tilt (~> 1.3, >= 1.3.3)
    therubyracer (0.10.1)
      libv8 (~> 3.3.10)
    tilt (1.3.3)
    unicorn (4.5.0)
      kgio (~> 2.6)
      rack
      raindrops (~> 0.7)

PLATFORMS
  ruby

DEPENDENCIES
  graphite_graph (~> 0.0.7)
  less
  redcarpet
  sinatra
  therubyracer
  unicorn
